GEM
  remote: https://rubygems.org/
  specs:
    haml (5.0.4)
      temple (>= 0.8.0)
      tilt
    temple (0.8.0)
    tilt (2.0.8)
    unicode-name (1.5.0)
      unicode-types (~> 1.2)
    unicode-types (1.2.0)

PLATFORMS
  ruby

DEPENDENCIES
  haml (~> 5.0)!
  unicode-name (~> 1.0)!

BUNDLED WITH
   1.16.1
